GIT
  remote: https://github.com/zena/yamltest.git
  revision: 8a9a9d302848f33c959369d0ed94f8ae7d8df901
  branch: 1.9.3
  specs:
    yamltest (0.9.0)

GEM
  remote: https://rubygems.org/
  specs:
    json (1.8.3)
    rake (10.4.2)
    rdoc (3.12)
      json (~> 1.4)
    ruby_parser (2.3.1)
      sexp_processor (~> 3.0)
    sexp_processor (3.2.0)
    shoulda (2.10.3)

PLATFORMS
  ruby

DEPENDENCIES
  rake (= 10.4.2)
  rdoc (= 3.12)
  ruby_parser (= 2.3.1)
  shoulda (= 2.10.3)
  yamltest (= 0.9.0)!

BUNDLED WITH
   1.13.3
